GEM
  remote: http://rubygems.org/
  specs:
    actionmailer (3.1.1)
      actionpack (= 3.1.1)
      mail (~> 2.3.0)
    actionpack (3.1.1)
      activemodel (= 3.1.1)
      activesupport (= 3.1.1)
      builder (~> 3.0.0)
      erubis (~> 2.7.0)
      i18n (~> 0.6)
      rack (~> 1.3.2)
      rack-cache (~> 1.1)
      rack-mount (~> 0.8.2)
      rack-test (~> 0.6.1)
      sprockets (~> 2.0.2)
    activemodel (3.1.1)
      activesupport (= 3.1.1)
      builder (~> 3.0.0)
      i18n (~> 0.6)
    activerecord (3.1.1)
      activemodel (= 3.1.1)
      activesupport (= 3.1.1)
      arel (~> 2.2.1)
      tzinfo (~> 0.3.29)
    activeresource (3.1.1)
      activemodel (= 3.1.1)
      activesupport (= 3.1.1)
    activesupport (3.1.1)
      multi_json (~> 1.0)
    acts-as-taggable-on (2.2.2)
      rails (~> 3.0)
    archive-tar-minitar (0.5.2)
    arel (2.2.1)
    bcrypt-ruby (3.0.1)
    builder (3.0.0)
    cancan (1.6.7)
    capistrano (2.9.0)
      highline
      net-scp (>= 1.0.0)
      net-sftp (>= 2.0.0)
      net-ssh (>= 2.0.14)
      net-ssh-gateway (>= 1.1.0)
    capistrano-ext (1.2.1)
      capistrano (>= 1.0.0)
    chronic (0.6.5)
    coffee-script (2.2.0)
      coffee-script-source
      execjs
    coffee-script-source (1.1.3)
    columnize (0.3.4)
    commonjs (0.2.6)
    country-select (1.0.5)
    devise (2.1.2)
      bcrypt-ruby (~> 3.0)
      orm_adapter (~> 0.1)
      railties (~> 3.1)
      warden (~> 1.2.1)
    erubis (2.7.0)
    event-calendar (2.3.3)
    exception_notification (2.5.2)
      actionmailer (>= 3.0.4)
    execjs (1.2.9)
      multi_json (~> 1.0)
    factory_girl (2.2.0)
      activesupport
    factory_girl_rails (1.3.0)
      factory_girl (~> 2.2.0)
      railties (>= 3.0.0)
    gem-licenses (0.1.2)
    haml (3.1.3)
    highline (1.6.2)
    hike (1.2.1)
    i18n (0.6.0)
    icalendar (1.1.6)
    jquery-rails (1.0.19)
      railties (~> 3.0)
      thor (~> 0.14)
    jslint_on_rails (1.0.7)
    json (1.7.3)
    kgio (2.6.0)
    less (2.2.1)
      commonjs (~> 0.2.6)
    less-rails (2.2.3)
      actionpack (>= 3.1)
      less (~> 2.2.0)
    less-rails-bootstrap (2.0.13)
      less-rails (~> 2.2.0)
    libv8 (3.3.10.4)
    linecache19 (0.5.12)
      ruby_core_source (>= 0.1.4)
    mail (2.3.0)
      i18n (>= 0.4.0)
      mime-types (~> 1.16)
      treetop (~> 1.4.8)
    metaclass (0.0.1)
    mime-types (1.17.2)
    mocha (0.10.0)
      metaclass (~> 0.0.1)
    multi_json (1.3.6)
    mysql2 (0.3.10)
    net-scp (1.0.4)
      net-ssh (>= 1.99.1)
    net-sftp (2.0.5)
      net-ssh (>= 2.0.9)
    net-ssh (2.2.1)
    net-ssh-gateway (1.1.0)
      net-ssh (>= 1.99.1)
    orm_adapter (0.3.0)
    polyglot (0.3.3)
    rack (1.3.6)
    rack-cache (1.2)
      rack (>= 0.4)
    rack-mount (0.8.3)
      rack (>= 1.0.0)
    rack-ssl (1.3.2)
      rack
    rack-test (0.6.1)
      rack (>= 1.0)
    rails (3.1.1)
      actionmailer (= 3.1.1)
      actionpack (= 3.1.1)
      activerecord (= 3.1.1)
      activeresource (= 3.1.1)
      activesupport (= 3.1.1)
      bundler (~> 1.0)
      railties (= 3.1.1)
    rails-settings (0.1.2)
    railties (3.1.1)
      actionpack (= 3.1.1)
      activesupport (= 3.1.1)
      rack-ssl (~> 1.3.2)
      rake (>= 0.8.7)
      rdoc (~> 3.4)
      thor (~> 0.14.6)
    raindrops (0.8.0)
    rake (0.9.2.2)
    rdoc (3.12)
      json (~> 1.4)
    ruby-debug-base19 (0.11.25)
      columnize (>= 0.3.1)
      linecache19 (>= 0.5.11)
      ruby_core_source (>= 0.1.4)
    ruby-debug19 (0.11.6)
      columnize (>= 0.3.1)
      linecache19 (>= 0.5.11)
      ruby-debug-base19 (>= 0.11.19)
    ruby_core_source (0.1.5)
      archive-tar-minitar (>= 0.5.2)
    sequel (3.29.0)
    shoulda (2.11.3)
    simple_form (2.0.2)
      actionpack (~> 3.0)
      activemodel (~> 3.0)
    simplecov (0.6.2)
      multi_json (~> 1.3)
      simplecov-html (~> 0.5.3)
    simplecov-html (0.5.3)
    sprockets (2.0.4)
      hike (~> 1.2)
      rack (~> 1.0)
      tilt (~> 1.1, != 1.3.0)
    therubyracer (0.9.9)
      libv8 (~> 3.3.10)
    thor (0.14.6)
    tilt (1.3.3)
    treetop (1.4.10)
      polyglot
      polyglot (>= 0.3.1)
    tzinfo (0.3.31)
    unicorn (4.1.1)
      kgio (~> 2.4)
      rack
      raindrops (~> 0.6)
    warden (1.2.1)
      rack (>= 1.0)
    whenever (0.7.0)
      activesupport (>= 2.3.4)
      chronic (~> 0.6.3)
    will_paginate (3.0.pre4)

PLATFORMS
  ruby

DEPENDENCIES
  acts-as-taggable-on (~> 2.2.2)
  cancan
  capistrano
  capistrano-ext
  coffee-script
  country-select
  devise
  event-calendar
  exception_notification
  factory_girl_rails
  gem-licenses
  haml
  icalendar
  jquery-rails (>= 1.0.12)
  jslint_on_rails
  less-rails-bootstrap
  mocha
  mysql2
  rails (= 3.1.1)
  rails-settings
  ruby-debug19
  sequel
  shoulda
  simple_form
  simplecov
  therubyracer
  unicorn
  whenever
  will_paginate (= 3.0.pre4)
